GEM
  remote: http://rubygems.org/
  specs:
    diff-lcs (1.2.5)
    docker-api (1.26.0)
      excon (>= 0.38.0)
      json
    excon (0.49.0)
    json (1.8.3)
    multi_json (1.12.1)
    net-scp (1.2.1)
      net-ssh (>= 2.6.5)
    net-ssh (3.1.1)
    net-telnet (0.1.1)
    rake (10.4.2)
    rspec (3.4.0)
      rspec-core (~> 3.4.0)
      rspec-expectations (~> 3.4.0)
      rspec-mocks (~> 3.4.0)
    rspec-core (3.4.4)
      rspec-support (~> 3.4.0)
    rspec-expectations (3.4.0)
      diff-lcs (>= 1.2.0, < 2.0)
      rspec-support (~> 3.4.0)
    rspec-its (1.2.0)
      rspec-core (>= 3.0.0)
      rspec-expectations (>= 3.0.0)
    rspec-mocks (3.4.1)
      diff-lcs (>= 1.2.0, < 2.0)
      rspec-support (~> 3.4.0)
    rspec-support (3.4.1)
    serverspec (2.29.1)
      multi_json
      rspec (~> 3.0)
      rspec-its
      specinfra (~> 2.48)
    sfl (2.2)
    specinfra (2.59.0)
      net-scp
      net-ssh (>= 2.7, < 4.0)
      net-telnet
      sfl

PLATFORMS
  ruby

DEPENDENCIES
  docker-api (= 1.26.0)
  rake (= 10.4.2)
  serverspec (= 2.29.1)

BUNDLED WITH
   1.13.0
